GEM
  remote: https://rubygems.org/
  specs:
    parallel (1.2.4)

PLATFORMS
  ruby

DEPENDENCIES
  parallel
